GEM
  remote: https://rubygems.org/
  specs:
    rack (2.1.1)

PLATFORMS
  ruby

DEPENDENCIES
  rack (~> 2.0)

BUNDLED WITH
   1.17.3
